NUGET
  remote: https://www.nuget.org/api/v2
  specs:
    Aether (7.0.2)
    Arachne.Core (2.3.27)
      FParsec
    Arachne.Http (2.3.27)
      Arachne.Core (>= 2.3.27)
      Arachne.Language (>= 2.3.27)
      Arachne.Uri (>= 2.3.27)
      FParsec
    Arachne.Http.Cors (2.3.27)
      Arachne.Core (>= 2.3.27)
      Arachne.Http (>= 2.3.27)
      Arachne.Uri (>= 2.3.27)
      FParsec
    Arachne.Language (2.3.27)
      Arachne.Core (>= 2.3.27)
      FParsec
    Arachne.Uri (2.3.27)
      Arachne.Core (>= 2.3.27)
      FParsec
    Arachne.Uri.Template (2.3.27)
      Arachne.Core (>= 2.3.27)
      Arachne.Uri (>= 2.3.27)
      FParsec
    FAKE (3.31.2)
    FParsec (1.0.2)
    Freya (2.0.203)
      Freya.Core (>= 2.0.203)
      Freya.Lenses.Http (>= 2.0.203)
      Freya.Lenses.Http.Cors (>= 2.0.203)
      Freya.Machine (>= 2.0.203)
      Freya.Machine.Extensions.Http (>= 2.0.203)
      Freya.Machine.Extensions.Http.Cors (>= 2.0.203)
      Freya.Machine.Router (>= 2.0.203)
      Freya.Recorder (>= 2.0.203)
      Freya.Router (>= 2.0.203)
    Freya.Core (2.0.203)
      Aether (>= 7.0.0 < 8.0.0)
    Freya.Lenses.Http (2.0.203)
      Aether (>= 7.0.0 < 8.0.0)
      Arachne.Http (>= 2.3.25)
      Freya.Core (>= 2.0.203)
    Freya.Lenses.Http.Cors (2.0.203)
      Aether (>= 7.0.0 < 8.0.0)
      Arachne.Http.Cors
      Freya.Core (>= 2.0.203)
      Freya.Lenses.Http (>= 2.0.203)
    Freya.Machine (2.0.203)
      Aether (>= 7.0.0 < 8.0.0)
      Freya.Core (>= 2.0.203)
      Freya.Recorder (>= 2.0.203)
      Hekate (>= 1.0.0 < 2.0.0)
    Freya.Machine.Extensions.Http (2.0.203)
      Aether (>= 7.0.0 < 8.0.0)
      Arachne.Http (>= 2.3.25)
      Freya.Core (>= 2.0.203)
      Freya.Lenses.Http (>= 2.0.203)
      Freya.Machine (>= 2.0.203)
    Freya.Machine.Extensions.Http.Cors (2.0.203)
      Aether (>= 7.0.0 < 8.0.0)
      Arachne.Http.Cors
      Freya.Core (>= 2.0.203)
      Freya.Lenses.Http (>= 2.0.203)
      Freya.Lenses.Http.Cors (>= 2.0.203)
      Freya.Machine (>= 2.0.203)
      Freya.Machine.Extensions.Http (>= 2.0.203)
    Freya.Machine.Router (2.0.203)
      Arachne.Http (>= 2.3.25)
      Arachne.Uri.Template
      Freya.Core (>= 2.0.203)
      Freya.Router (>= 2.0.203)
    Freya.Recorder (2.0.203)
      Aether (>= 7.0.0 < 8.0.0)
      Freya.Core (>= 2.0.203)
    Freya.Router (2.0.203)
      Aether (>= 7.0.0 < 8.0.0)
      Arachne.Http (>= 2.3.25)
      Arachne.Uri.Template
      Freya.Core (>= 2.0.203)
      Freya.Lenses.Http (>= 2.0.203)
      Freya.Recorder (>= 2.0.203)
      Hekate (>= 1.0.0 < 2.0.0)
    FSharp.Compiler.Service (0.0.90)
    FSharp.Core (4.0.0.1)
    FSharp.Data.SqlClient (1.7.5)
    FSharp.Formatting (2.9.10)
      FSharp.Compiler.Service (>= 0.0.87)
      FSharpVSPowerTools.Core (1.8.0)
    FSharpVSPowerTools.Core (1.8.0)
      FSharp.Compiler.Service (>= 0.0.87)
    FsReveal (1.0.2)
      FSharp.Formatting (>= 2.7.5)
    Hekate (1.0.1)
      Aether (>= 7.0.1)
    Microsoft.Owin (3.0.1)
      Owin (>= 1.0)
    Microsoft.Owin.Host.HttpListener (3.0.1)
    Microsoft.Owin.Hosting (3.0.1)
      Microsoft.Owin (>= 3.0.1)
      Owin (>= 1.0)
    Owin (1.0)
    Suave (1.0.0)
      FSharp.Core (>= 3.1.2.5)
