NUGET
  remote: https://www.nuget.org/api/v2
  specs:
    Aether (8.1.1)
    Arachne.Core (3.0.0-b104)
      FParsec (>= 1.0.0 < 2.0.0)
    Arachne.Http (3.0.0-b104)
      Arachne.Core (>= 3.0.0-b104)
      Arachne.Language (>= 3.0.0-b104)
      Arachne.Uri (>= 3.0.0-b104)
      FParsec (>= 1.0.0 < 2.0.0)
    Arachne.Http.Cors (3.0.0-b104)
      Arachne.Core (>= 3.0.0-b104)
      Arachne.Http (>= 3.0.0-b104)
      Arachne.Language (>= 3.0.0-b104)
      Arachne.Uri (>= 3.0.0-b104)
      FParsec (>= 1.0.0 < 2.0.0)
    Arachne.Language (3.0.0-b104)
      Arachne.Core (>= 3.0.0-b104)
      FParsec (>= 1.0.0 < 2.0.0)
    Arachne.Uri (3.0.0-b104)
      Arachne.Core (>= 3.0.0-b104)
      FParsec (>= 1.0.0 < 2.0.0)
    Arachne.Uri.Template (3.0.0-b104)
      Arachne.Core (>= 3.0.0-b104)
      Arachne.Uri (>= 3.0.0-b104)
      FParsec (>= 1.0.0 < 2.0.0)
    FAKE (3.31.2)
    FParsec (1.0.2)
    Freya (3.0.0-b288)
      Freya.Core (>= 3.0.0-b288)
      Freya.Lenses.Http (>= 3.0.0-b288)
      Freya.Lenses.Http.Cors (>= 3.0.0-b288)
      Freya.Machine (>= 3.0.0-b288)
      Freya.Machine.Extensions.Http (>= 3.0.0-b288)
      Freya.Machine.Extensions.Http.Cors (>= 3.0.0-b288)
      Freya.Machine.Router (>= 3.0.0-b288)
      Freya.Recorder (>= 3.0.0-b288)
      Freya.Router (>= 3.0.0-b288)
    Freya.Core (3.0.0-b288)
      Aether (>= 8.0.2 < 9.0.0)
    Freya.Lenses.Http (3.0.0-b288)
      Aether (>= 8.0.2 < 9.0.0)
      Arachne.Http (>= 3.0.0-b100)
      Freya.Core (>= 3.0.0-b288)
    Freya.Lenses.Http.Cors (3.0.0-b288)
      Aether (>= 8.0.2 < 9.0.0)
      Arachne.Http.Cors (>= 3.0.0-b100)
      Freya.Core (>= 3.0.0-b288)
      Freya.Lenses.Http (>= 3.0.0-b288)
    Freya.Machine (3.0.0-b288)
      Aether (>= 8.0.2 < 9.0.0)
      Freya.Core (>= 3.0.0-b288)
      Freya.Recorder (>= 3.0.0-b288)
      Hekate (>= 3.0.0 < 4.0.0)
    Freya.Machine.Extensions.Http (3.0.0-b288)
      Aether (>= 8.0.2 < 9.0.0)
      Arachne.Http (>= 3.0.0-b100)
      Arachne.Language (>= 3.0.0-b100)
      Freya.Core (>= 3.0.0-b288)
      Freya.Lenses.Http (>= 3.0.0-b288)
      Freya.Machine (>= 3.0.0-b288)
      Freya.Recorder (>= 3.0.0-b288)
    Freya.Machine.Extensions.Http.Cors (3.0.0-b288)
      Aether (>= 8.0.2 < 9.0.0)
      Arachne.Http.Cors (>= 3.0.0-b100)
      Freya.Core (>= 3.0.0-b288)
      Freya.Lenses.Http (>= 3.0.0-b288)
      Freya.Lenses.Http.Cors (>= 3.0.0-b288)
      Freya.Machine (>= 3.0.0-b288)
      Freya.Machine.Extensions.Http (>= 3.0.0-b288)
      Freya.Recorder (>= 3.0.0-b288)
    Freya.Machine.Router (3.0.0-b288)
      Arachne.Http (>= 3.0.0-b100)
      Arachne.Uri.Template (>= 3.0.0-b100)
      Freya.Core (>= 3.0.0-b288)
      Freya.Lenses.Http (>= 3.0.0-b288)
      Freya.Recorder (>= 3.0.0-b288)
      Freya.Router (>= 3.0.0-b288)
    Freya.Recorder (3.0.0-b288)
      Aether (>= 8.0.2 < 9.0.0)
      Freya.Core (>= 3.0.0-b288)
    Freya.Router (3.0.0-b288)
      Aether (>= 8.0.2 < 9.0.0)
      Arachne.Http (>= 3.0.0-b100)
      Arachne.Uri.Template (>= 3.0.0-b100)
      Freya.Core (>= 3.0.0-b288)
      Freya.Lenses.Http (>= 3.0.0-b288)
      Freya.Recorder (>= 3.0.0-b288)
      Hekate (>= 3.0.0 < 4.0.0)
    FSharp.Compiler.Service (0.0.90)
    FSharp.Core (4.0.0.1)
    FSharp.Data.SqlClient (1.7.5)
    FSharp.Formatting (2.9.10)
      FSharp.Compiler.Service (>= 0.0.87)
      FSharpVSPowerTools.Core (1.8.0)
    FSharpVSPowerTools.Core (1.8.0)
      FSharp.Compiler.Service (>= 0.0.87)
    FsReveal (1.0.2)
      FSharp.Formatting (>= 2.7.5)
    Hekate (3.2.0)
      Aether (>= 8.0.2 < 9.0.0)
    Suave (1.0.0)
      FSharp.Core (>= 3.1.2.5)
